GEM
  remote: http://rubygems.org/
  specs:
    activemodel (6.0.2.1)
      activesupport (= 6.0.2.1)
    activerecord (6.0.2.1)
      activemodel (= 6.0.2.1)
      activesupport (= 6.0.2.1)
    activesupport (6.0.2.1)
      concurrent-ruby (~> 1.0, >= 1.0.2)
      i18n (>= 0.7, < 2)
      minitest (~> 5.1)
      tzinfo (~> 1.1)
      zeitwerk (~> 2.2)
    backports (3.15.0)
    bson (4.8.0)
    concurrent-ruby (1.1.6)
    diff-lcs (1.3)
    email_address (0.1.13)
      netaddr (>= 2.0.4, < 3)
      simpleidn
    i18n (1.8.2)
      concurrent-ruby (~> 1.0)
    minitest (5.14.0)
    mongo (2.11.3)
      bson (>= 4.4.2, < 5.0.0)
    multi_json (1.13.1)
    mustermann (1.0.3)
    netaddr (2.0.4)
    pg (1.1.4)
    puma (3.12.3)
    rack (2.0.8)
    rack-protection (2.0.7)
      rack
    rack-test (1.0.0)
      rack (>= 1.0, < 3)
    redis (4.1.3)
    rspec (3.7.0)
      rspec-core (~> 3.7.0)
      rspec-expectations (~> 3.7.0)
      rspec-mocks (~> 3.7.0)
    rspec-core (3.7.0)
      rspec-support (~> 3.7.0)
    rspec-expectations (3.7.0)
      diff-lcs (>= 1.2.0, < 2.0)
      rspec-support (~> 3.7.0)
    rspec-mocks (3.7.0)
      diff-lcs (>= 1.2.0, < 2.0)
      rspec-support (~> 3.7.0)
    rspec-support (3.7.0)
    simpleidn (0.1.1)
      unf (~> 0.1.4)
    sinatra (2.0.7)
      mustermann (~> 1.0)
      rack (~> 2.0)
      rack-protection (= 2.0.7)
      tilt (~> 2.0)
    sinatra-contrib (2.0.7)
      backports (>= 2.8.2)
      multi_json
      mustermann (~> 1.0)
      rack-protection (= 2.0.7)
      sinatra (= 2.0.7)
      tilt (~> 2.0)
    thread_safe (0.3.6)
    tilt (2.0.10)
    tzinfo (1.2.6)
      thread_safe (~> 0.1)
    unf (0.1.4)
      unf_ext
    unf_ext (0.0.7.6)
    zeitwerk (2.2.2)

PLATFORMS
  ruby

DEPENDENCIES
  activerecord (~> 6.0, >= 6.0.2)
  email_address (~> 0.1.12)
  mongo (~> 2.11, >= 2.11.2)
  multi_json (~> 1.13, >= 1.13.1)
  pg (~> 1.1, >= 1.1.4)
  puma (~> 3.12)
  rack-test (~> 1.0)
  redis (~> 4.1)
  rspec (~> 3.7)
  sinatra (~> 2.0, >= 2.0.7)
  sinatra-contrib (~> 2.0, >= 2.0.7)

RUBY VERSION
   ruby 2.6.0p0

BUNDLED WITH
   1.17.3
